GIT
  remote: git://github.com/libgit2/rugged.git
  revision: 683ae666ddce0d7183083b834162d81e91b03761
  submodules: true
  specs:
    rugged (0.28.0)

GEM
  remote: https://rubygems.org/
  specs:
    ast (2.4.0)
    async (1.24.0)
      console (~> 1.0)
      nio4r (~> 2.3)
      timers (~> 4.1)
    async-container (0.14.1)
      async (~> 1.0)
      async-io (~> 1.4)
      process-group
    async-http (0.49.1)
      async (~> 1.23)
      async-io (~> 1.27.0)
      protocol-http (~> 0.13.0)
      protocol-http1 (~> 0.10.0)
      protocol-http2 (~> 0.10.0)
    async-io (1.27.1)
      async (~> 1.14)
    async-rest (0.12.1)
      async-http (~> 0.42)
      protocol-http (~> 0.7)
    bcrypt (3.1.13)
    build-environment (1.12.1)
    coderay (1.1.2)
    concurrent-ruby (1.1.5)
    console (1.6.0)
    covered (0.13.1)
      async-rest
      console (~> 1.0)
      msgpack
      parser
    crass (1.0.5)
    diff-lcs (1.3)
    equatable (0.6.1)
    falcon (0.34.4)
      async (~> 1.13)
      async-container (~> 0.14.0)
      async-http (~> 0.49.0)
      async-io (~> 1.22)
      build-environment (~> 1.11)
      localhost (~> 1.1)
      rack (>= 1.0)
      samovar (~> 2.1)
    ffi (1.11.3)
    formatador (0.2.5)
    guard (2.16.1)
      formatador (>= 0.2.4)
      listen (>= 2.7, < 4.0)
      lumberjack (>= 1.0.12, < 2.0)
      nenv (~> 0.1)
      notiffany (~> 0.0)
      pry (>= 0.9.12)
      shellany (~> 0.0)
      thor (>= 0.18.1)
    guard-compat (1.2.1)
    guard-falcon (0.10.0)
      falcon (~> 0.31)
      guard
      guard-compat (~> 1.2)
    guard-rspec (4.7.3)
      guard (~> 2.1)
      guard-compat (~> 1.1)
      rspec (>= 2.99.0, < 4.0)
    http-accept (2.1.1)
    kramdown (2.1.0)
    latinum (1.4.2)
    listen (3.2.1)
      rb-fsevent (~> 0.10, >= 0.10.3)
      rb-inotify (~> 0.9, >= 0.9.10)
    localhost (1.1.6)
    lumberjack (1.0.13)
    mail (2.7.1)
      mini_mime (>= 0.1.1)
    mapping (1.1.1)
    method_source (0.9.2)
    mime-types (3.3)
      mime-types-data (~> 3.2015)
    mime-types-data (3.2019.1009)
    mini_mime (1.0.2)
    mini_portile2 (2.4.0)
    msgpack (1.3.1)
    necromancer (0.5.1)
    nenv (0.3.0)
    nio4r (2.5.2)
    nokogiri (1.10.7)
      mini_portile2 (~> 2.4.0)
    nokogumbo (2.0.2)
      nokogiri (~> 1.8, >= 1.8.4)
    notiffany (0.1.3)
      nenv (~> 0.1)
      shellany (~> 0.0)
    ofx (0.3.2)
      nokogiri
    parser (2.6.5.0)
      ast (~> 2.4.0)
    pastel (0.7.3)
      equatable (~> 0.6)
      tty-color (~> 0.5)
    periodical (1.1.0)
    process-group (1.2.1)
      process-terminal (~> 0.2.0)
    process-terminal (0.2.0)
      ffi
    protocol-hpack (1.4.1)
    protocol-http (0.13.0)
    protocol-http1 (0.10.0)
      protocol-http (~> 0.13)
    protocol-http2 (0.10.4)
      protocol-hpack (~> 1.4)
      protocol-http (~> 0.2)
    pry (0.12.2)
      coderay (~> 1.1.0)
      method_source (~> 0.9.0)
    qif (1.2.0)
    rack (2.0.8)
    rack-freeze (1.2.0)
      rack (~> 2.0)
    rack-test (1.1.0)
      rack (>= 1.0, < 3)
    rake (13.0.1)
    rake-compiler (1.0.8)
      rake
    rb-fsevent (0.10.3)
    rb-inotify (0.10.0)
      ffi (~> 1.0)
    relaxo (1.5.0)
      console
      rugged
    relaxo-model (0.15.0)
      msgpack (~> 1.0)
      relaxo (~> 1.0)
    rspec (3.9.0)
      rspec-core (~> 3.9.0)
      rspec-expectations (~> 3.9.0)
      rspec-mocks (~> 3.9.0)
    rspec-core (3.9.0)
      rspec-support (~> 3.9.0)
    rspec-expectations (3.9.0)
      diff-lcs (>= 1.2.0, < 2.0)
      rspec-support (~> 3.9.0)
    rspec-mocks (3.9.0)
      diff-lcs (>= 1.2.0, < 2.0)
      rspec-support (~> 3.9.0)
    rspec-support (3.9.0)
    samovar (2.1.2)
      console (~> 1.0)
      mapping (~> 1.0)
    sanitize (5.1.0)
      crass (~> 1.0.2)
      nokogiri (>= 1.8.0)
      nokogumbo (~> 2.0)
    shellany (0.0.1)
    thor (1.0.0)
    time-zone (1.1.1)
    timers (4.3.0)
    trenni (3.7.1)
      rake-compiler
    trenni-formatters (2.8.1)
      mapping (~> 1.1)
      trenni (~> 3.4)
    tty-color (0.5.0)
    tty-cursor (0.7.0)
    tty-prompt (0.20.0)
      necromancer (~> 0.5.0)
      pastel (~> 0.7.0)
      tty-reader (~> 0.7.0)
    tty-reader (0.7.0)
      tty-cursor (~> 0.7)
      tty-screen (~> 0.7)
      wisper (~> 2.0.0)
    tty-screen (0.7.0)
    utopia (2.10.0)
      concurrent-ruby (~> 1.0)
      console (~> 1.0)
      http-accept (~> 2.1)
      mail (~> 2.6)
      mime-types (~> 3.0)
      msgpack
      rack (~> 2.0)
      samovar (~> 2.1)
      trenni (~> 3.0)
    wisper (2.0.1)

PLATFORMS
  ruby

DEPENDENCIES
  bcrypt (~> 3.0)
  bundler
  covered
  guard-falcon
  guard-rspec
  kramdown
  latinum (~> 1.3)
  ofx (~> 0.3)
  periodical (~> 1.0)
  pry
  qif (~> 1.1)
  rack-freeze (~> 1.2)
  rack-test
  rake
  relaxo (~> 1.3)
  relaxo-model (~> 0.15.0)
  rspec
  rugged!
  sanitize
  time-zone (~> 1.1)
  trenni-formatters (~> 2.4)
  tty-prompt
  utopia (~> 2.10)

BUNDLED WITH
   1.17.3
