GIT
  remote: git://github.com/libgit2/rugged.git
  revision: ebd4e5696d6ebd50355c46648c2a82e976c9881b
  submodules: true
  specs:
    rugged (0.26.0)

GEM
  remote: https://rubygems.org/
  specs:
    async (1.2.2)
      nio4r
      timers (~> 4.1)
    async-container (0.2.2)
      async (~> 1.0)
    async-http (0.6.0)
      async (~> 1.1)
      async-io (~> 1.0)
    async-io (1.2.1)
      async (~> 1.0)
    bcrypt (3.1.11)
    coderay (1.1.2)
    concurrent-ruby (1.0.5)
    crass (1.0.3)
    diff-lcs (1.3)
    docile (1.1.5)
    equatable (0.5.0)
    facets (3.1.0)
    falcon (0.5.0)
      async-container (~> 0.1)
      async-http (~> 0.3)
      rack (>= 1.0)
      samovar (~> 1.3)
    ffi (1.9.21)
    formatador (0.2.5)
    guard (2.14.2)
      formatador (>= 0.2.4)
      listen (>= 2.7, < 4.0)
      lumberjack (>= 1.0.12, < 2.0)
      nenv (~> 0.1)
      notiffany (~> 0.0)
      pry (>= 0.9.12)
      shellany (~> 0.0)
      thor (>= 0.18.1)
    guard-compat (1.2.1)
    guard-falcon (0.4.0)
      falcon (~> 0.2)
      guard
      guard-compat (~> 1.2)
    guard-rspec (4.7.3)
      guard (~> 2.1)
      guard-compat (~> 1.1)
      rspec (>= 2.99.0, < 4.0)
    hitimes (1.2.6)
    http-accept (1.7.0)
    json (2.1.0)
    kramdown (1.16.2)
    latinum (1.4.0)
    listen (3.1.5)
      rb-fsevent (~> 0.9, >= 0.9.4)
      rb-inotify (~> 0.9, >= 0.9.7)
      ruby_dep (~> 1.2)
    lumberjack (1.0.12)
    mail (2.7.0)
      mini_mime (>= 0.1.1)
    mapping (1.1.1)
    method_source (0.9.0)
    mime-types (3.1)
      mime-types-data (~> 3.2015)
    mime-types-data (3.2016.0521)
    mini_mime (1.0.0)
    mini_portile2 (2.3.0)
    msgpack (1.2.2)
    necromancer (0.4.0)
    nenv (0.3.0)
    nio4r (2.2.0)
    nokogiri (1.8.2)
      mini_portile2 (~> 2.3.0)
    nokogumbo (1.5.0)
      nokogiri
    notiffany (0.1.1)
      nenv (~> 0.1)
      shellany (~> 0.0)
    ofx (0.3.2)
      nokogiri
    passenger (5.2.0)
      rack
      rake (>= 0.8.1)
    pastel (0.7.2)
      equatable (~> 0.5.0)
      tty-color (~> 0.4.0)
    periodical (1.1.0)
    pry (0.11.3)
      coderay (~> 1.1.0)
      method_source (~> 0.9.0)
    qif (1.2.0)
    rack (2.0.4)
    rack-freeze (1.2.0)
      rack (~> 2.0)
    rack-test (0.8.2)
      rack (>= 1.0, < 3)
    rainbow (2.2.2)
      rake
    rake (12.3.0)
    rake-compiler (1.0.4)
      rake
    rb-fsevent (0.10.2)
    rb-inotify (0.9.10)
      ffi (>= 0.5.0, < 2)
    relaxo (1.2.0)
      rugged
    relaxo-model (0.12.1)
      msgpack (~> 1.0)
      relaxo (~> 1.0)
    rspec (3.7.0)
      rspec-core (~> 3.7.0)
      rspec-expectations (~> 3.7.0)
      rspec-mocks (~> 3.7.0)
    rspec-core (3.7.1)
      rspec-support (~> 3.7.0)
    rspec-expectations (3.7.0)
      diff-lcs (>= 1.2.0, < 2.0)
      rspec-support (~> 3.7.0)
    rspec-mocks (3.7.0)
      diff-lcs (>= 1.2.0, < 2.0)
      rspec-support (~> 3.7.0)
    rspec-support (3.7.1)
    ruby_dep (1.5.0)
    samovar (1.8.0)
      mapping (~> 1.0)
      rainbow (~> 2.0)
    sanitize (4.6.0)
      crass (~> 1.0.2)
      nokogiri (>= 1.4.4)
      nokogumbo (~> 1.4)
    shellany (0.0.1)
    simplecov (0.15.1)
      docile (~> 1.1.0)
      json (>= 1.8, < 3)
      simplecov-html (~> 0.10.0)
    simplecov-html (0.10.2)
    thor (0.20.0)
    timers (4.1.2)
      hitimes
    trenni (3.4.0)
      rake-compiler
    trenni-formatters (2.7.0)
      mapping (~> 1.1)
      trenni (~> 3.4)
    tty-color (0.4.2)
    tty-cursor (0.5.0)
    tty-prompt (0.15.0)
      necromancer (~> 0.4.0)
      pastel (~> 0.7.0)
      timers (~> 4.0)
      tty-cursor (~> 0.5.0)
      tty-reader (~> 0.2.0)
    tty-reader (0.2.0)
      tty-cursor (~> 0.5.0)
      tty-screen (~> 0.6.4)
      wisper (~> 2.0.0)
    tty-screen (0.6.4)
    utopia (2.2.0)
      concurrent-ruby (~> 1.0)
      http-accept (~> 1.6)
      mail (~> 2.6)
      mime-types (~> 3.0)
      rack (~> 2.0)
      rainbow (~> 2.1)
      samovar (~> 1.2)
      trenni (~> 3.0)
    wisper (2.0.0)

PLATFORMS
  ruby

DEPENDENCIES
  bcrypt (~> 3.0)
  bundler
  facets
  guard-falcon
  guard-rspec
  kramdown
  latinum (~> 1.3)
  ofx (~> 0.3)
  passenger
  periodical (~> 1.0)
  pry
  qif (~> 1.1)
  rack-freeze (~> 1.2)
  rack-test
  rake
  relaxo (~> 1.0)
  relaxo-model (~> 0.12)
  rspec
  rugged!
  sanitize
  simplecov
  trenni-formatters (~> 2.4)
  tty-prompt
  utopia (~> 2.2.0)

BUNDLED WITH
   1.16.0
