GIT
  remote: git://github.com/libgit2/rugged.git
  revision: ca994bb99f34fd7e2645d383b94e26313baccb37
  submodules: true
  specs:
    rugged (0.27.2)

GEM
  remote: https://rubygems.org/
  specs:
    async (1.10.3)
      nio4r (~> 2.3)
      timers (~> 4.1)
    async-container (0.8.1)
      async (~> 1.0)
      async-io (~> 1.4)
    async-http (0.36.3)
      async (~> 1.6)
      async-io (~> 1.16)
      http-protocol (~> 0.8.0)
    async-io (1.16.2)
      async (~> 1.3)
    bcrypt (3.1.12)
    coderay (1.1.2)
    concurrent-ruby (1.0.5)
    crass (1.0.4)
    diff-lcs (1.3)
    docile (1.3.1)
    equatable (0.5.0)
    falcon (0.19.1)
      async-container (~> 0.8.0)
      async-http (~> 0.36.0)
      async-io (~> 1.9)
      http-protocol (~> 0.8.0)
      localhost (~> 1.1)
      rack (>= 1.0)
      samovar (~> 1.3)
    ffi (1.9.25)
    formatador (0.2.5)
    guard (2.14.2)
      formatador (>= 0.2.4)
      listen (>= 2.7, < 4.0)
      lumberjack (>= 1.0.12, < 2.0)
      nenv (~> 0.1)
      notiffany (~> 0.0)
      pry (>= 0.9.12)
      shellany (~> 0.0)
      thor (>= 0.18.1)
    guard-compat (1.2.1)
    guard-falcon (0.8.5)
      falcon (~> 0.19.0)
      guard
      guard-compat (~> 1.2)
    guard-rspec (4.7.3)
      guard (~> 2.1)
      guard-compat (~> 1.1)
      rspec (>= 2.99.0, < 4.0)
    hitimes (1.3.0)
    http-accept (1.7.0)
    http-hpack (0.1.1)
    http-protocol (0.8.1)
      http-hpack (~> 0.1.0)
    json (2.1.0)
    kramdown (1.17.0)
    latinum (1.4.1)
    listen (3.1.5)
      rb-fsevent (~> 0.9, >= 0.9.4)
      rb-inotify (~> 0.9, >= 0.9.7)
      ruby_dep (~> 1.2)
    localhost (1.1.4)
    lumberjack (1.0.13)
    mail (2.7.1)
      mini_mime (>= 0.1.1)
    mapping (1.1.1)
    method_source (0.9.0)
    mime-types (3.2.2)
      mime-types-data (~> 3.2015)
    mime-types-data (3.2018.0812)
    mini_mime (1.0.1)
    mini_portile2 (2.3.0)
    msgpack (1.2.4)
    necromancer (0.4.0)
    nenv (0.3.0)
    nio4r (2.3.1)
    nokogiri (1.8.5)
      mini_portile2 (~> 2.3.0)
    nokogumbo (2.0.0)
      nokogiri (~> 1.8, >= 1.8.4)
    notiffany (0.1.1)
      nenv (~> 0.1)
      shellany (~> 0.0)
    ofx (0.3.2)
      nokogiri
    passenger (5.3.5)
      rack
      rake (>= 0.8.1)
    pastel (0.7.2)
      equatable (~> 0.5.0)
      tty-color (~> 0.4.0)
    periodical (1.1.0)
    pry (0.11.3)
      coderay (~> 1.1.0)
      method_source (~> 0.9.0)
    qif (1.2.0)
    rack (2.0.5)
    rack-freeze (1.2.0)
      rack (~> 2.0)
    rack-test (1.1.0)
      rack (>= 1.0, < 3)
    rainbow (2.2.2)
      rake
    rake (12.3.1)
    rake-compiler (1.0.5)
      rake
    rb-fsevent (0.10.3)
    rb-inotify (0.9.10)
      ffi (>= 0.5.0, < 2)
    relaxo (1.4.0)
      rugged
    relaxo-model (0.15.0)
      msgpack (~> 1.0)
      relaxo (~> 1.0)
    rspec (3.8.0)
      rspec-core (~> 3.8.0)
      rspec-expectations (~> 3.8.0)
      rspec-mocks (~> 3.8.0)
    rspec-core (3.8.0)
      rspec-support (~> 3.8.0)
    rspec-expectations (3.8.2)
      diff-lcs (>= 1.2.0, < 2.0)
      rspec-support (~> 3.8.0)
    rspec-mocks (3.8.0)
      diff-lcs (>= 1.2.0, < 2.0)
      rspec-support (~> 3.8.0)
    rspec-support (3.8.0)
    ruby_dep (1.5.0)
    samovar (1.9.1)
      mapping (~> 1.0)
      rainbow (>= 2.0, < 4.0)
    sanitize (5.0.0)
      crass (~> 1.0.2)
      nokogiri (>= 1.8.0)
      nokogumbo (~> 2.0)
    shellany (0.0.1)
    simplecov (0.16.1)
      docile (~> 1.1)
      json (>= 1.8, < 3)
      simplecov-html (~> 0.10.0)
    simplecov-html (0.10.2)
    thor (0.20.0)
    time-zone (1.1.1)
    timers (4.1.2)
      hitimes
    trenni (3.6.0)
      rake-compiler
    trenni-formatters (2.7.0)
      mapping (~> 1.1)
      trenni (~> 3.4)
    tty-color (0.4.3)
    tty-cursor (0.6.0)
    tty-prompt (0.17.1)
      necromancer (~> 0.4.0)
      pastel (~> 0.7.0)
      timers (~> 4.0)
      tty-cursor (~> 0.6.0)
      tty-reader (~> 0.4.0)
    tty-reader (0.4.0)
      tty-cursor (~> 0.6.0)
      tty-screen (~> 0.6.4)
      wisper (~> 2.0.0)
    tty-screen (0.6.5)
    utopia (2.5.3)
      concurrent-ruby (~> 1.0)
      http-accept (~> 1.6)
      mail (~> 2.6)
      mime-types (~> 3.0)
      rack (~> 2.0)
      rainbow (~> 2.1)
      samovar (~> 1.2)
      trenni (~> 3.0)
    wisper (2.0.0)

PLATFORMS
  ruby

DEPENDENCIES
  bcrypt (~> 3.0)
  bundler
  guard-falcon
  guard-rspec
  kramdown
  latinum (~> 1.3)
  ofx (~> 0.3)
  passenger
  periodical (~> 1.0)
  pry
  qif (~> 1.1)
  rack-freeze (~> 1.2)
  rack-test
  rainbow
  rake
  relaxo (~> 1.3)
  relaxo-model (~> 0.15.0)
  rspec
  rugged!
  sanitize
  simplecov
  time-zone (~> 1.1)
  trenni-formatters (~> 2.4)
  tty-prompt
  utopia (~> 2.5.3)

BUNDLED WITH
   1.16.5
